GEM
  remote: https://rubygems.org/
  specs:
    date (3.1.0)
    nokogiri (1.13.3-x86_64-linux)
      racc (~> 1.4)
    open-uri (0.1.0)
      stringio
      time
      uri
    racc (1.6.0)
    stringio (3.0.0)
    time (0.1.0)
      date
    uri (0.10.1)

PLATFORMS
  x86_64-linux

DEPENDENCIES
  nokogiri
  open-uri

BUNDLED WITH
   2.2.15
